GEM
  remote: https://rubygems.org/
  specs:
    rake (10.0.4)
    text (1.2.1)

PLATFORMS
  ruby

DEPENDENCIES
  rake
  text
