GEM
  specs:
    text (1.2.1)

PLATFORMS
  ruby

DEPENDENCIES
  text
